PATH
  remote: .
  specs:
    dat (0.0.1)
      god
      xmpp4r

GEM
  remote: http://rubygems.org/
  specs:
    diff-lcs (1.1.3)
    god (0.11.0)
    rake (0.9.2)
    rake-compiler (0.7.9)
      rake
    rspec (2.6.0)
      rspec-core (~> 2.6.0)
      rspec-expectations (~> 2.6.0)
      rspec-mocks (~> 2.6.0)
    rspec-core (2.6.4)
    rspec-expectations (2.6.0)
      diff-lcs (~> 1.1.2)
    rspec-mocks (2.6.0)
    xmpp4r (0.5)

PLATFORMS
  ruby

DEPENDENCIES
  bundler (~> 1.0.0)
  dat!
  rake
  rake-compiler
  rspec
