PATH
  remote: .
  specs:
    dat (0.0.1)

GEM
  remote: http://rubygems.org/
  specs:
    rake (0.9.2)
    rake-compiler (0.7.9)
      rake

PLATFORMS
  ruby

DEPENDENCIES
  bundler (~> 1.0.0)
  dat!
  rake
  rake-compiler
